GIT
  remote: git://github.com/degzcs/redic.git
  revision: 1e8e988cd37f7ac7a7011598d118411361f53dc0
  branch: add-redis-rb
  specs:
    redic (1.6)
      redis (~> 4.1)

PATH
  remote: .
  specs:
    ohm (3.1.1)
      nest (~> 3)
      stal

GEM
  remote: https://rubygems.org/
  specs:
    awesome_print (1.8.0)
    byebug (11.0.0)
    clap (1.0.0)
    coderay (1.1.2)
    coolline (0.5.0)
      unicode_utils (~> 1.4)
    cutest (1.2.3)
      clap
    hirb (0.7.3)
    hirb-unicode-steakknife (0.0.8)
      hirb (~> 0.5)
      unicode-display_width (~> 1.1)
    method_source (0.9.2)
    nest (3.1.2)
      redic
    pry (0.12.2)
      coderay (~> 1.1.0)
      method_source (~> 0.9.0)
    pry-byebug (3.7.0)
      byebug (~> 11.0)
      pry (~> 0.10)
    pry-coolline (0.2.5)
      coolline (~> 0.5)
    pry-doc (0.13.5)
      pry (~> 0.11)
      yard (~> 0.9.11)
    pry-rails (0.3.9)
      pry (>= 0.10.4)
    redis (4.1.0)
    spirit_hands (2.1.5)
      awesome_print (~> 1.6)
      hirb (~> 0.7)
      hirb-unicode-steakknife (~> 0.0)
      pry (~> 0.10)
      pry-byebug (~> 3.4)
      pry-coolline (~> 0.2)
      pry-doc (~> 0.8)
      pry-rails (~> 0.3)
    stal (0.3.0)
      redic (~> 1.5)
    unicode-display_width (1.5.0)
    unicode_utils (1.4.0)
    yard (0.9.18)

PLATFORMS
  ruby

DEPENDENCIES
  cutest
  ohm!
  redic!
  spirit_hands (~> 2.1)

BUNDLED WITH
   1.16.1
